GEM
  remote: http://rubygems.org/
  specs:
    activesupport (3.1.2)
      multi_json (~> 1.0)
    diff-lcs (1.1.3)
    i18n (0.6.0)
    multi_json (1.0.3)
    rspec (2.7.0)
      rspec-core (~> 2.7.0)
      rspec-expectations (~> 2.7.0)
      rspec-mocks (~> 2.7.0)
    rspec-core (2.7.1)
    rspec-expectations (2.7.0)
      diff-lcs (~> 1.1.2)
    rspec-mocks (2.7.0)

PLATFORMS
  ruby

DEPENDENCIES
  activesupport
  i18n
  rspec
